GEM
  remote: https://rubygems.org/
  specs:
    childprocess (4.1.0)
    mini_portile2 (2.6.1)
    nokogiri (1.12.5)
      mini_portile2 (~> 2.6.1)
      racc (~> 1.4)
    racc (1.6.0)
    regexp_parser (2.2.0)
    rexml (3.2.5)
    rubyzip (2.3.2)
    selenium-webdriver (4.1.0)
      childprocess (>= 0.5, < 5.0)
      rexml (~> 3.2, >= 3.2.5)
      rubyzip (>= 1.2.2)
    watir (6.19.1)
      regexp_parser (>= 1.2, < 3)
      selenium-webdriver (>= 3.142.7)
    webdrivers (4.7.0)
      nokogiri (~> 1.6)
      rubyzip (>= 1.3.0)
      selenium-webdriver (> 3.141, < 5.0)

PLATFORMS
  ruby

DEPENDENCIES
  nokogiri (~> 1.11, >= 1.11.7)
  watir (~> 6.19, >= 6.19.1)
  webdrivers (~> 4.6)

BUNDLED WITH
   2.1.4
